GEM
  remote: https://rubygems.org/
  specs:
    colorize (0.8.1)

PLATFORMS
  x86_64-linux

DEPENDENCIES
  colorize (~> 0.8.1)

RUBY VERSION
   ruby 2.7.2p137

BUNDLED WITH
   2.2.16
